GEM
  remote: https://rubygems.org/
  specs:
    activesupport (4.0.0)
      i18n (~> 0.6, >= 0.6.4)
      minitest (~> 4.2)
      multi_json (~> 1.3)
      thread_safe (~> 0.1)
      tzinfo (~> 0.3.37)
    atomic (1.1.13)
    daemons (1.1.9)
    eventmachine (1.0.3)
    httpclient (2.3.4.1)
    i18n (0.6.5)
    java_properties (0.0.4)
    logeasy (0.0.8)
    minitest (4.7.5)
    multi_json (1.7.9)
    properties-ruby (0.0.4)
      logeasy (>= 0.0.4)
    rack (1.5.2)
    rack-protection (1.5.0)
      rack
    sinatra (1.4.3)
      rack (~> 1.4)
      rack-protection (~> 1.4)
      tilt (~> 1.3, >= 1.3.4)
    stormpath-sdk (1.0.0.beta.2)
      activesupport (>= 3.2.8)
      httpclient (>= 2.2.5)
      java_properties
      multi_json (>= 1.3.6)
      properties-ruby (~> 0.0.4)
      uuidtools (>= 2.1.3)
    thin (1.5.1)
      daemons (>= 1.0.9)
      eventmachine (>= 0.12.6)
      rack (>= 1.0.0)
    thread_safe (0.1.2)
      atomic
    tilt (1.4.1)
    tzinfo (0.3.37)
    uuidtools (2.1.4)

PLATFORMS
  ruby

DEPENDENCIES
  sinatra
  stormpath-sdk (= 1.0.0.beta.2)
  thin
